GEM
  remote: https://rubygems.org/
  specs:
    docker-api (2.2.0)
      excon (>= 0.47.0)
      multi_json
    excon (0.99.0)
    faraday (2.7.4)
      faraday-net_http (>= 2.0, < 3.1)
      ruby2_keywords (>= 0.0.4)
    faraday-mashify (0.1.1)
      faraday (~> 2.0)
      hashie
    faraday-multipart (1.0.4)
      multipart-post (~> 2)
    faraday-net_http (3.0.2)
    ffi (1.15.5)
    gli (2.21.0)
    hashie (5.0.0)
    multi_json (1.15.0)
    multipart-post (2.3.0)
    ruby2_keywords (0.0.5)
    slack-ruby-client (2.1.0)
      faraday (>= 2.0)
      faraday-mashify
      faraday-multipart
      gli
      hashie
    sys-filesystem (1.4.3)
      ffi (~> 1.1)

PLATFORMS
  x86_64-linux

DEPENDENCIES
  docker-api (>= 2.2.0)
  slack-ruby-client (>= 2.1.0)
  sys-filesystem (>= 1.4.3)

BUNDLED WITH
   2.3.4
