GEM
  remote: https://rubygems.org/
  specs:
    addressable (2.8.5)
      public_suffix (>= 2.0.2, < 6.0)
    axiom-types (0.1.1)
      descendants_tracker (~> 0.0.4)
      ice_nine (~> 0.11.0)
      thread_safe (~> 0.3, >= 0.3.1)
    citrus (3.0.2)
    coercible (1.0.0)
      descendants_tracker (~> 0.0.1)
    concurrent-ruby (1.2.2)
    csv (3.2.7)
    deep_merge (1.2.2)
    descendants_tracker (0.0.4)
      thread_safe (~> 0.3, >= 0.3.1)
    droplet_kit (3.20.0)
      faraday (>= 0.15)
      faraday-retry (~> 2.2.0)
      kartograph (~> 0.2.8)
      resource_kit (~> 0.1.5)
      virtus (>= 1.0.3, <= 3)
    faraday (2.7.10)
      faraday-net_http (>= 2.0, < 3.1)
      ruby2_keywords (>= 0.0.4)
    faraday-mashify (0.1.1)
      faraday (~> 2.0)
      hashie
    faraday-multipart (1.0.4)
      multipart-post (~> 2)
    faraday-net_http (3.0.2)
    faraday-retry (2.2.0)
      faraday (~> 2.0)
    ffi (1.15.5)
    fileutils (1.7.1)
    gli (2.21.1)
    hashie (5.0.0)
    ice_nine (0.11.2)
    kartograph (0.2.8)
    logger (1.5.3)
    multipart-post (2.3.0)
    open3 (0.1.2)
    optparse (0.3.1)
    public_suffix (5.0.3)
    resource_kit (0.1.8)
      addressable (>= 2.3.6, < 3.0.0)
    ruby2_keywords (0.0.5)
    set (1.0.3)
    slack-ruby-client (2.1.0)
      faraday (>= 2.0)
      faraday-mashify
      faraday-multipart
      gli
      hashie
    sys-filesystem (1.4.3)
      ffi (~> 1.1)
    thread_safe (0.3.6)
    tmpdir (0.1.3)
      fileutils
    toml-rb (2.2.0)
      citrus (~> 3.0, > 3.0)
    tomlrb (2.0.3)
    virtus (2.0.0)
      axiom-types (~> 0.1)
      coercible (~> 1.0)
      descendants_tracker (~> 0.0, >= 0.0.3)

PLATFORMS
  x86_64-linux

DEPENDENCIES
  concurrent-ruby (~> 1.2, >= 1.2.2)
  csv (~> 3.2, >= 3.2.6)
  deep_merge (~> 1.2, >= 1.2.2)
  droplet_kit
  fileutils (~> 1.7)
  logger (~> 1.5, >= 1.5.3)
  open3 (~> 0.1.2)
  optparse (~> 0.3.1)
  set (~> 1.0, >= 1.0.3)
  slack-ruby-client
  sys-filesystem
  tmpdir (~> 0.1.3)
  toml-rb (~> 2.2)
  tomlrb (~> 2.0, >= 2.0.3)

BUNDLED WITH
   2.4.17
